GIT
  remote: https://github.com/travis-ci/travis-logger.git
  revision: b589e0ca0e9f1a5d6cd8536ff7288d21d36c7560
  specs:
    travis-logger (0.0.1)

GEM
  remote: https://rubygems.org/
  specs:
    activesupport (5.1.1)
      concurrent-ruby (~> 1.0, >= 1.0.2)
      i18n (~> 0.7)
      minitest (~> 5.1)
      tzinfo (~> 1.1)
    addressable (2.5.1)
      public_suffix (~> 2.0, >= 2.0.2)
    ast (2.3.0)
    backports (3.8.0)
    codeclimate-test-reporter (1.0.8)
      simplecov (<= 0.13)
    coderay (1.1.1)
    concurrent-ruby (1.0.5)
    connection_pool (2.2.1)
    diff-lcs (1.3)
    docile (1.1.5)
    factory_girl (4.8.0)
      activesupport (>= 3.0.0)
    fakeredis (0.6.0)
      redis (~> 3.2)
    faraday (0.12.1)
      multipart-post (>= 1.2, < 3)
    hashr (2.0.1)
    i18n (0.8.1)
    jemalloc (1.0.1)
    json (2.1.0)
    jwt (1.5.6)
    method_source (0.8.2)
    minitest (5.10.2)
    multi_json (1.12.1)
    multipart-post (2.0.0)
    parser (2.4.0.0)
      ast (~> 2.2)
    pg (0.20.0)
    powerpack (0.1.1)
    pry (0.10.4)
      coderay (~> 1.1.0)
      method_source (~> 0.8.1)
      slop (~> 3.4)
    public_suffix (2.0.5)
    puma (3.8.2)
    rack (1.6.10)
    rack-protection (1.5.5)
      rack
    rack-ssl (1.4.1)
      rack
    rack-test (0.6.3)
      rack (>= 1.0)
    rainbow (2.2.2)
      rake
    rake (12.0.0)
    redis (3.3.3)
    redis-namespace (1.5.3)
      redis (~> 3.0, >= 3.0.4)
    rspec (3.6.0)
      rspec-core (~> 3.6.0)
      rspec-expectations (~> 3.6.0)
      rspec-mocks (~> 3.6.0)
    rspec-core (3.6.0)
      rspec-support (~> 3.6.0)
    rspec-expectations (3.6.0)
      diff-lcs (>= 1.2.0, < 2.0)
      rspec-support (~> 3.6.0)
    rspec-mocks (3.6.0)
      diff-lcs (>= 1.2.0, < 2.0)
      rspec-support (~> 3.6.0)
    rspec-support (3.6.0)
    rubocop (0.48.1)
      parser (>= 2.3.3.1, < 3.0)
      powerpack (~> 0.1)
      rainbow (>= 1.99.1, < 3.0)
      ruby-progressbar (~> 1.7)
      unicode-display_width (~> 1.0, >= 1.0.1)
    ruby-progressbar (1.8.1)
    sentry-raven (2.4.0)
      faraday (>= 0.7.6, < 1.0)
    sequel (4.46.0)
    simplecov (0.13.0)
      docile (~> 1.1.0)
      json (>= 1.8, < 3)
      simplecov-html (~> 0.10.0)
    simplecov-html (0.10.1)
    sinatra (1.4.8)
      rack (~> 1.5)
      rack-protection (~> 1.4)
      tilt (>= 1.3, < 3)
    sinatra-contrib (1.4.7)
      backports (>= 2.0)
      multi_json
      rack-protection
      rack-test
      sinatra (~> 1.4.0)
      tilt (>= 1.3, < 3)
    sinatra-param (1.4.0)
      sinatra (~> 1.3)
    slop (3.6.0)
    thread_safe (0.3.6)
    tilt (2.0.7)
    travis-config (1.1.2)
      hashr (~> 2.0.0)
    tzinfo (1.2.3)
      thread_safe (~> 0.1)
    unicode-display_width (1.2.1)

PLATFORMS
  ruby

DEPENDENCIES
  activesupport
  addressable
  codeclimate-test-reporter
  connection_pool
  factory_girl
  fakeredis
  faraday
  jemalloc
  jwt
  pg
  pry
  puma
  rack-ssl
  rack-test
  rake
  redis
  redis-namespace
  rspec
  rubocop
  sentry-raven
  sequel
  simplecov
  sinatra
  sinatra-contrib
  sinatra-param
  travis-config
  travis-logger!

BUNDLED WITH
   1.16.4
